PATH
  remote: .
  specs:
    rgss_db (1.0.4)
      colorize (~> 1.1)
      fileutils (~> 1.7)
      json (~> 2.7)
      optimist (~> 3.2)
      psych (~> 5.1)
      tty-box (~> 0.7.0)
      tty-prompt (~> 0.23.1)
      tty-spinner (~> 0.9.3)
      tty-table (~> 0.12.0)

GEM
  remote: https://rubygems.org/
  specs:
    ast (2.4.2)
    colorize (1.1.0)
    commander (5.0.0)
      highline (~> 3.0.0)
    date (3.4.1)
    diff-lcs (1.5.1)
    fileutils (1.7.2)
    highline (3.0.1)
    json (2.7.2)
    language_server-protocol (3.17.0.4)
    lint_roller (1.1.0)
    logger (1.6.6)
    optimist (3.2.0)
    parallel (1.26.3)
    parlour (9.1.0)
      commander (~> 5.0)
      parser
      rainbow (~> 3.0)
      sorbet-runtime (>= 0.5)
    parser (3.3.7.1)
      ast (~> 2.4.1)
      racc
    pastel (0.8.0)
      tty-color (~> 0.5)
    psych (5.2.3)
      date
      stringio
    racc (1.8.1)
    rainbow (3.1.1)
    rake (13.2.1)
    rbs (3.8.1)
      logger
    regexp_parser (2.10.0)
    rspec (3.13.0)
      rspec-core (~> 3.13.0)
      rspec-expectations (~> 3.13.0)
      rspec-mocks (~> 3.13.0)
    rspec-core (3.13.0)
      rspec-support (~> 3.13.0)
    rspec-expectations (3.13.0)
      diff-lcs (>= 1.2.0, < 2.0)
      rspec-support (~> 3.13.0)
    rspec-mocks (3.13.1)
      diff-lcs (>= 1.2.0, < 2.0)
      rspec-support (~> 3.13.0)
    rspec-support (3.13.1)
    rubocop (1.74.0)
      json (~> 2.3)
      language_server-protocol (~> 3.17.0.2)
      lint_roller (~> 1.1.0)
      parallel (~> 1.10)
      parser (>= 3.3.0.2)
      rainbow (>= 2.2.2, < 4.0)
      regexp_parser (>= 2.9.3, < 3.0)
      rubocop-ast (>= 1.38.0, < 2.0)
      ruby-progressbar (~> 1.7)
      unicode-display_width (>= 2.4.0, < 4.0)
    rubocop-ast (1.38.1)
      parser (>= 3.3.1.0)
    rubocop-performance (1.24.0)
      lint_roller (~> 1.1)
      rubocop (>= 1.72.1, < 2.0)
      rubocop-ast (>= 1.38.0, < 2.0)
    rubocop-rake (0.7.1)
      lint_roller (~> 1.1)
      rubocop (>= 1.72.1)
    rubocop-rspec (3.5.0)
      lint_roller (~> 1.1)
      rubocop (~> 1.72, >= 1.72.1)
    ruby-progressbar (1.13.0)
    sorbet-runtime (0.5.11933)
    sord (7.0.0)
      commander (~> 5.0)
      parlour (~> 9.1)
      parser
      rbs (~> 3.0)
      sorbet-runtime
      yard
    stringio (3.1.0)
    strings (0.2.1)
      strings-ansi (~> 0.2)
      unicode-display_width (>= 1.5, < 3.0)
      unicode_utils (~> 1.4)
    strings-ansi (0.2.0)
    tty-box (0.7.0)
      pastel (~> 0.8)
      strings (~> 0.2.0)
      tty-cursor (~> 0.7)
    tty-color (0.6.0)
    tty-cursor (0.7.1)
    tty-prompt (0.23.1)
      pastel (~> 0.8)
      tty-reader (~> 0.8)
    tty-reader (0.9.0)
      tty-cursor (~> 0.7)
      tty-screen (~> 0.8)
      wisper (~> 2.0)
    tty-screen (0.8.2)
    tty-spinner (0.9.3)
      tty-cursor (~> 0.7)
    tty-table (0.12.0)
      pastel (~> 0.8)
      strings (~> 0.2.0)
      tty-screen (~> 0.8)
    unicode-display_width (2.5.0)
    unicode_utils (1.4.0)
    wisper (2.0.1)
    yard (0.9.36)

PLATFORMS
  x64-mingw-ucrt

DEPENDENCIES
  bundler (~> 2.0)
  rake (~> 13.0)
  rgss_db!
  rspec (~> 3.0)
  rubocop (~> 1.74)
  rubocop-performance (~> 1.24)
  rubocop-rake (~> 0.7)
  rubocop-rspec (~> 3.5)
  sord (~> 7.0)
  yard (~> 0.9)

BUNDLED WITH
   2.5.6
